GIT
  remote: git://github.com/calabash/luffa.git
  revision: 0d4210f0d840afcaf73c8e1bc1954ed1ccd7c393
  branch: develop
  specs:
    luffa (2.0.0)
      awesome_print (~> 1.2)
      json (~> 1.8)
      retriable (>= 1.3.3.1, < 2.1)
      thor (~> 0.19)

GEM
  remote: https://rubygems.org/
  specs:
    CFPropertyList (2.3.5)
    awesome_print (1.7.0)
    command_runner_ng (0.1.2)
    httpclient (2.8.3)
    i18n (0.8.1)
    json (1.8.6)
    retriable (2.0.2)
    rouge (1.11.1)
    run_loop (2.4.1)
      CFPropertyList (~> 2.2)
      awesome_print (~> 1.2)
      command_runner_ng (>= 0.0.2)
      httpclient (>= 2.7.1, < 3.0)
      i18n (>= 0.7.0, < 1.0)
      json (~> 1.8)
      thor (>= 0.18.1, < 1.0)
    thor (0.19.4)
    xcpretty (0.2.6)
      rouge (~> 1.8)

PLATFORMS
  ruby

DEPENDENCIES
  luffa!
  retriable (~> 2.0)
  run_loop (~> 2.0)
  xcpretty

BUNDLED WITH
   1.14.3
