GEM
  remote: https://rubygems.org/
  specs:
    CFPropertyList (2.3.2)
    awesome_print (1.6.1)
    command_runner_ng (0.0.2)
    json (1.8.3)
    luffa (1.1.0)
      awesome_print (~> 1.2)
      json (~> 1.8)
      retriable (>= 1.3.3.1, < 2.1)
      thor (~> 0.19)
    retriable (2.0.2)
    run_loop (1.5.6)
      CFPropertyList (~> 2.2)
      awesome_print (~> 1.2)
      command_runner_ng (>= 0.0.2)
      json (~> 1.8)
      retriable (>= 1.3.3.1, < 2.1)
      thor (>= 0.18.1, < 1.0)
    thor (0.19.1)
    xcpretty (0.1.12)

PLATFORMS
  ruby

DEPENDENCIES
  luffa
  retriable (~> 2.0)
  run_loop (~> 1.5)
  xcpretty

BUNDLED WITH
   1.10.6
