GIT
  remote: git://github.com/calabash/luffa.git
  revision: 0d4210f0d840afcaf73c8e1bc1954ed1ccd7c393
  branch: develop
  specs:
    luffa (2.0.0)
      awesome_print (~> 1.2)
      json (~> 1.8)
      retriable (>= 1.3.3.1, < 2.1)
      thor (~> 0.19)

GIT
  remote: git://github.com/calabash/run_loop.git
  revision: fc4424c62e59c6c1604b778b3e833132075c98f9
  branch: develop
  specs:
    run_loop (2.4.1)
      CFPropertyList (~> 2.2)
      awesome_print (~> 1.2)
      command_runner_ng (>= 0.0.2)
      httpclient (>= 2.7.1, < 3.0)
      i18n (>= 0.7.0, < 1.0)
      json (~> 1.8)
      thor (>= 0.18.1, < 1.0)

GEM
  remote: https://rubygems.org/
  specs:
    CFPropertyList (2.3.5)
    awesome_print (1.8.0)
    command_runner_ng (0.1.3)
    httpclient (2.8.3)
    i18n (0.8.6)
    json (1.8.6)
    retriable (2.0.2)
    rouge (2.0.7)
    thor (0.19.4)
    xcpretty (0.2.8)
      rouge (~> 2.0.7)

PLATFORMS
  ruby

DEPENDENCIES
  bundler (= 1.14.6)
  luffa!
  retriable (~> 2.0)
  run_loop!
  xcpretty

BUNDLED WITH
   1.14.6
